GEM
  remote: https://rubygems.org/
  specs:
    form_data (0.1.0)
    gendered (0.0.4)
      http (>= 0.6.2)
    http (0.7.1)
      form_data (~> 0.1.0)
      http_parser.rb (~> 0.6.0)
    http_parser.rb (0.6.0)

PLATFORMS
  ruby

DEPENDENCIES
  gendered
